GEM
  remote: https://rubygems.org/
  specs:
    activesupport (5.2.3)
      concurrent-ruby (~> 1.0, >= 1.0.2)
      i18n (>= 0.7, < 2)
      minitest (~> 5.1)
      tzinfo (~> 1.1)
    addressable (2.7.0)
      public_suffix (>= 2.0.2, < 5.0)
    aws-sdk (1.67.0)
      aws-sdk-v1 (= 1.67.0)
    aws-sdk-v1 (1.67.0)
      json (~> 1.4)
      nokogiri (~> 1)
    babosa (1.0.2)
    cert (0.3.3)
      fastlane_core (>= 0.19.0, < 1.0.0)
      spaceship (>= 0.6.0)
    claide (0.9.1)
    colored (1.2)
    commander (4.4.7)
      highline (~> 2.0.0)
    concurrent-ruby (1.1.5)
    credentials_manager (0.16.4)
      colored
      commander (>= 4.3.5)
      highline (>= 1.7.1)
      security
    declarative (0.0.10)
    declarative-option (0.1.0)
    deliver (0.13.5)
      credentials_manager (>= 0.3.0)
      excon
      fastimage (~> 1.6.3)
      fastlane_core (>= 0.17.1, < 1.0.0)
      nokogiri (~> 1.6.5)
      plist (~> 3.1)
      rubyzip (~> 1.1.6)
    domain_name (0.5.20190701)
      unf (>= 0.0.5, < 1.0.0)
    dotenv (2.7.5)
    excon (0.67.0)
    faraday (0.17.0)
      multipart-post (>= 1.2, < 3)
    faraday-cookie_jar (0.0.6)
      faraday (>= 0.7.4)
      http-cookie (~> 1.0.0)
    faraday_middleware (0.13.1)
      faraday (>= 0.7.4, < 1.0)
    fastimage (1.6.8)
      addressable (~> 2.3, >= 2.3.5)
    fastlane (1.22.0)
      aws-sdk (~> 1.0)
      cert (>= 0.3.1, < 1.0.0)
      credentials_manager (>= 0.7.4, < 1.0.0)
      deliver (>= 0.13.2, < 1.0.0)
      fastlane_core (>= 0.15.0, < 1.0.0)
      frameit (>= 2.2.0, < 3.0.0)
      gym (>= 0.4.5, < 1.0.0)
      krausefx-shenzhen (>= 0.14.5)
      nokogiri (~> 1.6)
      pbxplorer (~> 1.0.0)
      pem (>= 0.7.2, < 1.0.0)
      pilot (>= 0.1.6, < 1.0.0)
      plist (~> 3.1.0)
      produce (>= 0.6.1, < 1.0.0)
      rest-client (~> 1.8.0)
      sigh (>= 0.10.6, < 1.0.0)
      slack-notifier (~> 1.0)
      snapshot (>= 0.9.2, < 1.0.0)
      spaceship (>= 0.5.3, < 1.0.0)
      terminal-notifier (~> 1.6.2)
      terminal-table (~> 1.4.5)
      xcodeproj (~> 0.20)
      xcpretty (>= 0.1.11)
    fastlane-plugin-firebase_app_distribution (0.1.4)
    fastlane_core (0.59.0)
      colored
      commander (>= 4.4.0, <= 5.0.0)
      credentials_manager (>= 0.16.2, < 1.0.0)
      excon (>= 0.45.0, < 1.0)
      gh_inspector (>= 1.0.1, < 2.0.0)
      highline (>= 1.7.2)
      json
      multi_json
      plist (>= 3.1.0, < 4.0.0)
      rubyzip (~> 1.1.6)
      terminal-table (>= 1.4.5, < 2.0.0)
    frameit (2.8.0)
      deliver (> 0.3)
      fastimage (~> 1.6.3)
      fastlane_core (>= 0.52.1, < 1.0.0)
      mini_magick (~> 4.5.1)
    gh_inspector (1.1.3)
    google-api-client (0.32.1)
      addressable (~> 2.5, >= 2.5.1)
      googleauth (>= 0.5, < 0.10.0)
      httpclient (>= 2.8.1, < 3.0)
      mini_mime (~> 1.0)
      representable (~> 3.0)
      retriable (>= 2.0, < 4.0)
      signet (~> 0.10)
    googleauth (0.9.0)
      faraday (~> 0.12)
      jwt (>= 1.4, < 3.0)
      memoist (~> 0.16)
      multi_json (~> 1.11)
      os (>= 0.9, < 2.0)
      signet (~> 0.7)
    gym (0.9.1)
      fastlane_core (>= 0.22.3, < 1.0.0)
      plist
      rubyzip (>= 1.1.7)
      terminal-table
      xcpretty
    highline (2.0.3)
    http-cookie (1.0.3)
      domain_name (~> 0.5)
    httpclient (2.8.3)
    i18n (1.7.0)
      concurrent-ruby (~> 1.0)
    json (1.8.6)
    jwt (2.2.1)
    krausefx-shenzhen (0.14.11)
      commander (>= 4.3, < 5.0)
      dotenv (>= 0.7)
      faraday (~> 0.9)
      faraday_middleware (~> 0.9)
      highline (>= 1.7.2)
      json (~> 1.8)
      net-sftp (~> 2.1.2)
      plist (>= 3.1.0, < 4.0.0)
      rubyzip (~> 1.1)
      security (~> 0.1.3)
      terminal-table (~> 1.4.5)
    memoist (0.16.0)
    mime-types (2.99.3)
    mini_magick (4.5.1)
    mini_mime (1.0.2)
    mini_portile2 (2.1.0)
    minitest (5.12.2)
    multi_json (1.14.1)
    multi_xml (0.6.0)
    multipart-post (2.1.1)
    net-sftp (2.1.2)
      net-ssh (>= 2.6.5)
    net-ssh (5.2.0)
    netrc (0.11.0)
    nokogiri (1.6.8.1)
      mini_portile2 (~> 2.1.0)
    os (1.0.1)
    pbxplorer (1.0.0)
    pem (0.8.1)
      fastlane_core (>= 0.19.0, < 1.0.0)
      spaceship (>= 0.11.2)
    pilot (0.3.0)
      credentials_manager (>= 0.3.0)
      fastlane_core (>= 0.16.1, < 1.0.0)
      spaceship (>= 0.12.0, < 1.0.0)
      terminal-table (~> 1.4.5)
    plist (3.1.0)
    produce (0.6.5)
      fastlane_core (>= 0.16.0, < 1.0.0)
      spaceship (>= 0.6.0)
    public_suffix (4.0.1)
    representable (3.0.4)
      declarative (< 0.1.0)
      declarative-option (< 0.2.0)
      uber (< 0.2.0)
    rest-client (1.8.0)
      http-cookie (>= 1.0.2, < 2.0)
      mime-types (>= 1.16, < 3.0)
      netrc (~> 0.7)
    retriable (3.1.2)
    rouge (2.0.7)
    rubyzip (1.1.7)
    security (0.1.3)
    sigh (0.10.9)
      fastlane_core (>= 0.19.0, < 1.0.0)
      plist (~> 3.1)
      spaceship (>= 0.6.0)
    signet (0.11.0)
      addressable (~> 2.3)
      faraday (~> 0.9)
      jwt (>= 1.5, < 3.0)
      multi_json (~> 1.10)
    slack-notifier (1.5.1)
    snapshot (0.10.2)
      fastimage (~> 1.6.3)
      fastlane_core (>= 0.16.1, < 1.0.0)
    spaceship (0.39.0)
      babosa (= 1.0.2)
      colored
      credentials_manager (>= 0.16.0)
      faraday (~> 0.9)
      faraday-cookie_jar (~> 0.0.6)
      faraday_middleware (~> 0.9)
      fastimage (>= 1.6)
      multi_xml (~> 0.5)
      plist (>= 3.1.0, < 4.0.0)
    terminal-notifier (1.6.3)
    terminal-table (1.4.5)
    thread_safe (0.3.6)
    tzinfo (1.2.5)
      thread_safe (~> 0.1)
    uber (0.1.0)
    unf (0.1.4)
      unf_ext
    unf_ext (0.0.7.6)
    xcodeproj (0.28.2)
      activesupport (>= 3)
      claide (~> 0.9.1)
      colored (~> 1.2)
    xcpretty (0.3.0)
      rouge (~> 2.0.7)

PLATFORMS
  ruby

DEPENDENCIES
  fastlane
  fastlane-plugin-firebase_app_distribution
  google-api-client (= 0.32.1)
  signet (= 0.11.0)

BUNDLED WITH
   2.0.2
